PATH
  remote: .
  specs:
    ecutools (0.0.1)
      thor (>= 0.14)

GEM
  remote: http://rubygems.org/
  specs:
    thor (0.14.6)

PLATFORMS
  ruby

DEPENDENCIES
  ecutools!
  thor (>= 0.14)
